PATH
  remote: .
  specs:
    youtrack (0.0.1)
      nokogiri
      rest-client

GEM
  remote: http://rubygems.org/
  specs:
    ZenTest (4.6.2)
    autotest-fsevent (0.2.5)
      sys-uname
    autotest-growl (0.2.11)
    diff-lcs (1.1.3)
    fakeweb (1.3.0)
    mime-types (1.16)
    nokogiri (1.5.0)
    rest-client (1.6.7)
      mime-types (>= 1.16)
    rspec (2.7.0)
      rspec-core (~> 2.7.0)
      rspec-expectations (~> 2.7.0)
      rspec-mocks (~> 2.7.0)
    rspec-core (2.7.1)
    rspec-expectations (2.7.0)
      diff-lcs (~> 1.1.2)
    rspec-mocks (2.7.0)
    sys-uname (0.8.6)

PLATFORMS
  ruby

DEPENDENCIES
  ZenTest
  autotest-fsevent
  autotest-growl
  bundler (>= 1.0.0)
  fakeweb
  rspec (~> 2.0)
  youtrack!
